GIT
  remote: https://github.com/puppetlabs/beaker
  revision: dbac20fe9cbe5d581564a64934bec82fc3b1cabc
  ref: dbac20fe9
  specs:
    beaker (1.6.2)
      blimpy (~> 0.6)
      fission (~> 0.4)
      inifile (~> 2.0)
      json (~> 1.8)
      mime-types (~> 1.25)
      net-scp (~> 1.1)
      net-ssh (~> 2.6)
      nokogiri (= 1.5.10)
      rbvmomi (= 1.8.1)
      unf (~> 0.1)

GIT
  remote: https://github.com/rodjek/rspec-puppet.git
  revision: 544b168390001eba8941f36b466afa4f26e89057
  ref: 544b168
  specs:
    rspec-puppet (1.0.1)
      rspec

GEM
  remote: https://rubygems.org/
  specs:
    CFPropertyList (2.2.7)
    beaker-rspec (2.1.1)
      beaker (~> 1.3)
      rspec (~> 2.14)
      serverspec (~> 0.14)
      specinfra (~> 0.3)
    blimpy (0.6.7)
      fog
      minitar
      thor
    builder (3.2.2)
    coderay (1.0.9)
    diff-lcs (1.2.4)
    excon (0.31.0)
    facter (1.7.5)
    fission (0.5.0)
      CFPropertyList (~> 2.2)
    fog (1.19.0)
      builder
      excon (~> 0.31.0)
      formatador (~> 0.2.0)
      mime-types
      multi_json (~> 1.0)
      net-scp (~> 1.1)
      net-ssh (>= 2.1.3)
      nokogiri (~> 1.5)
      ruby-hmac
    formatador (0.2.4)
    hiera (1.3.2)
      json_pure
    highline (1.6.21)
    inifile (2.0.2)
    json (1.8.1)
    json_pure (1.8.1)
    metaclass (0.0.1)
    method_source (0.8.2)
    mime-types (1.25.1)
    minitar (0.5.4)
    mocha (0.14.0)
      metaclass (~> 0.0.1)
    multi_json (1.8.1)
    net-scp (1.1.2)
      net-ssh (>= 2.6.5)
    net-ssh (2.8.0)
    nokogiri (1.5.10)
    pry (0.9.12.2)
      coderay (~> 1.0.5)
      method_source (~> 0.8)
      slop (~> 3.4)
    puppet (3.4.3)
      facter (~> 1.6)
      hiera (~> 1.0)
      rgen (~> 0.6.5)
    puppet-lint (0.3.2)
    puppet-syntax (1.1.0)
      puppet (>= 2.7.0)
      rake
    puppetlabs_spec_helper (0.4.1)
      mocha (>= 0.10.5)
      rake
      rspec (>= 2.9.0)
      rspec-puppet (>= 0.1.1)
    rake (10.1.0)
    rbvmomi (1.8.1)
      builder
      nokogiri (>= 1.4.1)
      trollop
    redcarpet (2.3.0)
    rgen (0.6.6)
    rspec (2.14.1)
      rspec-core (~> 2.14.0)
      rspec-expectations (~> 2.14.0)
      rspec-mocks (~> 2.14.0)
    rspec-core (2.14.5)
    rspec-expectations (2.14.3)
      diff-lcs (>= 1.1.3, < 2.0)
    rspec-mocks (2.14.3)
    ruby-augeas (0.5.0)
    ruby-hmac (0.4.0)
    serverspec (0.15.4)
      highline
      net-ssh
      rspec (>= 2.13.0)
      specinfra (>= 0.7.1)
    simplecov (0.7.1)
      multi_json (~> 1.0)
      simplecov-html (~> 0.7.1)
    simplecov-html (0.7.1)
    slop (3.4.6)
    specinfra (0.7.1)
    thor (0.18.1)
    trollop (2.0)
    unf (0.1.3)
      unf_ext
    unf_ext (0.0.6)
    vagrant-wrapper (1.2.1.1)
    yard (0.8.7.2)

PLATFORMS
  ruby

DEPENDENCIES
  beaker!
  beaker-rspec
  pry
  puppet (>= 2.7)
  puppet-lint
  puppet-syntax
  puppetlabs_spec_helper (>= 0.4.1)
  rake
  redcarpet (~> 2.0)
  rspec-puppet!
  ruby-augeas (~> 0.3)
  simplecov
  vagrant-wrapper
  yard
